GEM
  remote: https://rubygems.org/
  specs:
    mail (2.7.0)
      mini_mime (>= 0.1.1)
    mini_mime (1.0.0)
    oauth (0.5.4)

PLATFORMS
  ruby

DEPENDENCIES
  mail
  oauth

BUNDLED WITH
   1.16.1
